GEM
  remote: https://rubygems.org/
  specs:
    amatch (0.4.0)
      mize
      tins (~> 1.0)
    coderay (1.1.2)
    method_source (0.9.2)
    mize (0.3.5)
      protocol
    protocol (1.0.1)
      ruby_parser (~> 3.0)
    pry (0.12.2)
      coderay (~> 1.1.0)
      method_source (~> 0.9.0)
    ruby_parser (3.12.0)
      sexp_processor (~> 4.9)
    sexp_processor (4.11.0)
    string-similarity (2.0.1)
    tins (1.20.2)
    trigram (0.0.1)

PLATFORMS
  ruby

DEPENDENCIES
  amatch
  pry
  string-similarity
  trigram

BUNDLED WITH
   2.0.1
