PATH
  remote: .
  specs:
    string_similarity_comparator (0.0.1)
      amatch (~> 0.4.0)
      jaro_winkler (~> 1.5.2)
      sinatra (~> 2.0)
      sinatra-contrib (~> 2.0.5)
      sinatra-flash (~> 0.3.0)
      string-similarity (~> 2.0)
      trigram (~> 0.0.1)

GEM
  remote: https://rubygems.org/
  specs:
    amatch (0.4.0)
      mize
      tins (~> 1.0)
    backports (3.12.0)
    diff-lcs (1.3)
    jaro_winkler (1.5.2)
    mize (0.3.5)
      protocol
    multi_json (1.13.1)
    mustermann (1.0.3)
    protocol (1.0.1)
      ruby_parser (~> 3.0)
    rack (2.0.6)
    rack-protection (2.0.5)
      rack
    rake (10.5.0)
    rspec (3.8.0)
      rspec-core (~> 3.8.0)
      rspec-expectations (~> 3.8.0)
      rspec-mocks (~> 3.8.0)
    rspec-core (3.8.0)
      rspec-support (~> 3.8.0)
    rspec-expectations (3.8.2)
      diff-lcs (>= 1.2.0, < 2.0)
      rspec-support (~> 3.8.0)
    rspec-mocks (3.8.0)
      diff-lcs (>= 1.2.0, < 2.0)
      rspec-support (~> 3.8.0)
    rspec-support (3.8.0)
    ruby_parser (3.13.0)
      sexp_processor (~> 4.9)
    sexp_processor (4.12.0)
    sinatra (2.0.5)
      mustermann (~> 1.0)
      rack (~> 2.0)
      rack-protection (= 2.0.5)
      tilt (~> 2.0)
    sinatra-contrib (2.0.5)
      backports (>= 2.8.2)
      multi_json
      mustermann (~> 1.0)
      rack-protection (= 2.0.5)
      sinatra (= 2.0.5)
      tilt (>= 1.3, < 3)
    sinatra-flash (0.3.0)
      sinatra (>= 1.0.0)
    string-similarity (2.0.1)
    tilt (2.0.9)
    tins (1.20.2)
    trigram (0.0.1)

PLATFORMS
  ruby

DEPENDENCIES
  bundler (~> 2.0)
  rake (~> 10.0)
  rspec (~> 3.0)
  string_similarity_comparator!

BUNDLED WITH
   2.0.1
